GEM
  remote: https://ruby.taobao.org/
  specs:
    byebug (9.0.6)
    colorize (0.8.1)
    diff-lcs (1.3)
    diffy (3.2.0)
    racc (1.4.14)
    rake (12.0.0)
    rspec (3.6.0)
      rspec-core (~> 3.6.0)
      rspec-expectations (~> 3.6.0)
      rspec-mocks (~> 3.6.0)
    rspec-core (3.6.0)
      rspec-support (~> 3.6.0)
    rspec-expectations (3.6.0)
      diff-lcs (>= 1.2.0, < 2.0)
      rspec-support (~> 3.6.0)
    rspec-mocks (3.6.0)
      diff-lcs (>= 1.2.0, < 2.0)
      rspec-support (~> 3.6.0)
    rspec-support (3.6.0)

PLATFORMS
  ruby

DEPENDENCIES
  byebug
  colorize
  diffy
  racc
  rake
  rspec

BUNDLED WITH
   1.14.4
